GEM
  remote: http://rubygems.org/
  specs:
    crack (0.1.8)
    haml (3.1.4)
    hashie (1.1.0)
    httparty (0.7.8)
      crack (= 0.1.8)
    jiralicious (0.0.6)
      hashie (~> 1.1.0)
      httparty (~> 0.7.8)
      json (~> 1.6.3)
    json (1.6.5)
    rack (1.4.1)
    rack-protection (1.2.0)
      rack
    sinatra (1.3.2)
      rack (~> 1.3, >= 1.3.6)
      rack-protection (~> 1.2)
      tilt (~> 1.3, >= 1.3.3)
    tilt (1.3.3)

PLATFORMS
  ruby

DEPENDENCIES
  haml
  jiralicious
  sinatra
